PATH
  remote: .
  specs:
    meditation (0.1.9)
      bundler (~> 1.16.a)
      nokogiri (>= 1.8.1, < 1.13.0)
      require_all (~> 1.4.0)

GEM
  remote: https://rubygems.org/
  specs:
    coderay (1.1.0)
    method_source (0.9.0)
    mini_portile2 (2.6.1)
    nokogiri (1.12.5)
      mini_portile2 (~> 2.6.1)
      racc (~> 1.4)
    pry (0.11.1)
      coderay (~> 1.1.0)
      method_source (~> 0.9.0)
    racc (1.5.2)
    rake (10.4.2)
    require_all (1.4.0)

PLATFORMS
  ruby

DEPENDENCIES
  meditation!
  nokogiri
  pry
  rake (~> 10.0)

BUNDLED WITH
   1.16.0.pre.3
